GEM
  remote: http://rubygems.org/
  specs:
    classifier (1.3.3)
      fast-stemmer (>= 1.0.0)
    directory_watcher (1.3.2)
    fast-stemmer (1.0.0)
    jekyll (0.10.0)
      classifier (>= 1.3.1)
      directory_watcher (>= 1.1.1)
      liquid (>= 1.9.0)
      maruku (>= 0.5.9)
    liquid (2.2.2)
    maruku (0.6.0)
      syntax (>= 1.0.0)
    rack (1.2.1)
    rdiscount (1.6.5)
    sinatra (1.1.2)
      rack (~> 1.1)
      tilt (~> 1.2)
    syntax (1.0.0)
    tilt (1.2.1)

PLATFORMS
  ruby

DEPENDENCIES
  jekyll (= 0.10.0)
  rdiscount (= 1.6.5)
  sinatra (= 1.1.2)
